PATH
  remote: .
  specs:
    images_by_url (0.1.5)
      nokogiri (~> 1.8.1)

GEM
  remote: https://rubygems.org/
  specs:
    codeclimate-test-reporter (1.0.8)
      simplecov (<= 0.13)
    codecov (0.1.10)
      json
      simplecov
      url
    coveralls (0.7.2)
      multi_json (~> 1.3)
      rest-client (= 1.6.7)
      simplecov (>= 0.7)
      term-ansicolor (= 1.2.2)
      thor (= 0.18.1)
    diff-lcs (1.3)
    docile (1.1.5)
    headless (2.3.1)
    json (2.1.0)
    mime-types (3.1)
      mime-types-data (~> 3.2015)
    mime-types-data (3.2016.0521)
    mini_portile2 (2.3.0)
    multi_json (1.12.2)
    nokogiri (1.8.1)
      mini_portile2 (~> 2.3.0)
    rake (12.1.0)
    rake-compiler (1.0.4)
      rake
    rest-client (1.6.7)
      mime-types (>= 1.16)
    rspec (3.6.0)
      rspec-core (~> 3.6.0)
      rspec-expectations (~> 3.6.0)
      rspec-mocks (~> 3.6.0)
    rspec-core (3.6.0)
      rspec-support (~> 3.6.0)
    rspec-expectations (3.6.0)
      diff-lcs (>= 1.2.0, < 2.0)
      rspec-support (~> 3.6.0)
    rspec-mocks (3.6.0)
      diff-lcs (>= 1.2.0, < 2.0)
      rspec-support (~> 3.6.0)
    rspec-support (3.6.0)
    simplecov (0.13.0)
      docile (~> 1.1.0)
      json (>= 1.8, < 3)
      simplecov-html (~> 0.10.0)
    simplecov-html (0.10.2)
    term-ansicolor (1.2.2)
      tins (~> 0.8)
    thor (0.18.1)
    tins (0.13.2)
    url (0.3.2)

PLATFORMS
  ruby

DEPENDENCIES
  bundler
  codeclimate-test-reporter (~> 1.0.8)
  codecov (~> 0.1.10)
  coveralls (~> 0.7.2)
  headless (~> 2.3.1)
  images_by_url!
  nokogiri (~> 1.8.1)
  rake
  rake-compiler
  rspec (= 3.6.0)
  simplecov (~> 0.13.0)

BUNDLED WITH
   1.15.3
